PATH
  remote: .
  specs:
    rdatasets (0.4.2)
      daru

GEM
  remote: https://rubygems.org/
  specs:
    backports (3.12.0)
    daru (0.2.1)
      backports
      packable (~> 1.3.9)
    diff-lcs (1.3)
    packable (1.3.10)
      backports
    parallel (1.14.0)
    parallel_tests (2.28.0)
      parallel
    rake (10.5.0)
    rspec (3.8.0)
      rspec-core (~> 3.8.0)
      rspec-expectations (~> 3.8.0)
      rspec-mocks (~> 3.8.0)
    rspec-core (3.8.0)
      rspec-support (~> 3.8.0)
    rspec-expectations (3.8.2)
      diff-lcs (>= 1.2.0, < 2.0)
      rspec-support (~> 3.8.0)
    rspec-mocks (3.8.0)
      diff-lcs (>= 1.2.0, < 2.0)
      rspec-support (~> 3.8.0)
    rspec-support (3.8.0)

PLATFORMS
  ruby

DEPENDENCIES
  bundler (~> 2.0)
  parallel_tests
  rake (~> 10.0)
  rdatasets!
  rspec (~> 3.0)

BUNDLED WITH
   2.0.1
