PATH
  remote: .
  specs:
    rdatasets (0.5.0)
      daru

GEM
  remote: https://rubygems.org/
  specs:
    backports (3.15.0)
    daru (0.2.2)
      backports
      packable (~> 1.3.9)
    diff-lcs (1.3)
    docile (1.3.2)
    json (2.2.0)
    packable (1.3.10)
      backports
    parallel (1.17.0)
    parallel_tests (2.29.2)
      parallel
    rake (10.5.0)
    rspec (3.8.0)
      rspec-core (~> 3.8.0)
      rspec-expectations (~> 3.8.0)
      rspec-mocks (~> 3.8.0)
    rspec-core (3.8.2)
      rspec-support (~> 3.8.0)
    rspec-expectations (3.8.4)
      diff-lcs (>= 1.2.0, < 2.0)
      rspec-support (~> 3.8.0)
    rspec-mocks (3.8.1)
      diff-lcs (>= 1.2.0, < 2.0)
      rspec-support (~> 3.8.0)
    rspec-support (3.8.2)
    simplecov (0.17.0)
      docile (~> 1.1)
      json (>= 1.8, < 3)
      simplecov-html (~> 0.10.0)
    simplecov-html (0.10.2)

PLATFORMS
  ruby

DEPENDENCIES
  bundler (~> 2.0)
  parallel_tests
  rake (~> 10.0)
  rdatasets!
  rspec (~> 3.0)
  simplecov

BUNDLED WITH
   2.0.2
